GEM
  remote: http://rubygems.org/
  specs:
    RedCloth (4.2.9)
    active_support (3.0.0)
      activesupport (= 3.0.0)
    activesupport (3.0.0)
    awesome_print (1.1.0)
    backports (2.7.1)
    dropbox-api (0.3.2)
      hashie
      multi_json
      oauth
    eventmachine (1.0.0)
    ezcrypto (0.7.2)
    haml (3.1.7)
    hashie (1.2.0)
    i18n (0.6.1)
    multi_json (1.5.0)
    oauth (0.4.7)
    rack (1.5.1)
    rack-protection (1.3.2)
      rack
    rack-test (0.6.2)
      rack (>= 1.0)
    rdiscount (1.6.8)
    sinatra (1.3.4)
      rack (~> 1.4)
      rack-protection (~> 1.3)
      tilt (~> 1.3, >= 1.3.3)
    sinatra-contrib (1.3.2)
      backports (>= 2.0)
      eventmachine
      rack-protection
      rack-test
      sinatra (~> 1.3.0)
      tilt (~> 1.3)
    tilt (1.3.3)

PLATFORMS
  ruby

DEPENDENCIES
  RedCloth
  active_support
  awesome_print
  dropbox-api
  ezcrypto
  haml
  i18n
  rdiscount
  sinatra
  sinatra-contrib
